PATH
  remote: .
  specs:
    namer (0.1.0)

GEM
  remote: https://rubygems.org/
  specs:
    docile (1.3.1)
    json (2.1.0)
    minitest (5.11.3)
    rake (10.5.0)
    simplecov (0.16.1)
      docile (~> 1.1)
      json (>= 1.8, < 3)
      simplecov-html (~> 0.10.0)
    simplecov-html (0.10.2)

PLATFORMS
  ruby

DEPENDENCIES
  bundler (~> 1.16)
  minitest (~> 5.0)
  namer!
  rake (~> 10.0)
  simplecov

BUNDLED WITH
   1.16.2
